GEM
  remote: http://rubygems.org/
  specs:
    diff-lcs (1.1.3)
    hoe (2.12.5)
      rake (~> 0.8)
    hoe-gemspec (1.0.0)
      hoe (>= 2.2.0)
    rake (0.9.2.2)
    rake-compiler (0.7.9)
      rake
    rspec (2.7.0)
      rspec-core (~> 2.7.0)
      rspec-expectations (~> 2.7.0)
      rspec-mocks (~> 2.7.0)
    rspec-core (2.7.1)
    rspec-expectations (2.7.0)
      diff-lcs (~> 1.1.2)
    rspec-mocks (2.7.0)

PLATFORMS
  ruby

DEPENDENCIES
  hoe
  hoe-gemspec
  rake-compiler
  rspec
